NUGET
  remote: https://www.nuget.org/api/v2
  specs:
    FAKE (4.21.4)
    Fixie (1.0.0.41) - version_in_path: true
    Microsoft.Owin (3.0.1)
      Owin (>= 1.0)
    Microsoft.Owin.Hosting (3.0.1)
      Microsoft.Owin (>= 3.0.1)
      Owin (>= 1.0)
    Nancy (1.4.3)
    Nancy.Owin (1.4.1)
      Nancy (>= 1.4.1)
      Owin (>= 1.0)
    Newtonsoft.Json (8.0.2)
    Owin (1.0)
    OwinHttpMessageHandler (1.3.4)
    Shouldly (2.6.0)
